PATH
  remote: .
  specs:
    sinatra_more (0.3.41)
      activesupport
      bundler (>= 0.9.2)
      sinatra (>= 0.9.2)
      thor (>= 0.11.8)
      tilt (>= 0.2)

GEM
  remote: http://rubygems.org/
  specs:
    activesupport (2.3.10)
    builder (3.0.0)
    git (1.2.5)
    haml (3.0.25)
    jeweler (1.5.2)
      bundler (~> 1.0.0)
      git (>= 1.2.5)
      rake
    mocha (0.9.10)
      rake
    nokogiri (1.4.4)
    rack (1.2.1)
    rack-test (0.5.7)
      rack (>= 1.0)
    rake (0.8.7)
    shoulda (2.11.3)
    sinatra (1.1.2)
      rack (~> 1.1)
      tilt (~> 1.2)
    thor (0.14.6)
    tilt (1.2.2)
    tmail (1.2.7.1)
    warden (1.0.3)
      rack (>= 1.0.0)
    webrat (0.7.3)
      nokogiri (>= 1.2.0)
      rack (>= 1.0)
      rack-test (>= 0.5.3)
    xml-simple (1.0.14)

PLATFORMS
  ruby

DEPENDENCIES
  activesupport
  builder
  bundler (>= 0.9.2)
  haml (>= 2.2.14)
  jeweler
  mocha (>= 0.9.7)
  rack-test (>= 0.5.0)
  shoulda (>= 2.10.2)
  sinatra (>= 0.9.2)
  sinatra_more!
  thor (>= 0.11.8)
  tilt (>= 0.2)
  tmail
  warden
  webrat (>= 0.5.1)
  xml-simple
